GIT
  remote: git://github.com/chip-rosenthal/findit-support.git
  revision: 7739274ea398894a5a84a0758e62ace04ec89413
  specs:
    findit-support (0.0.2)
      json_pure (~> 1.7.7)
      sequel (~> 3.45.0)
      sqlite3 (~> 1.3.7)

GEM
  remote: https://rubygems.org/
  specs:
    ice_cube (0.11.1)
    json_pure (1.7.7)
    multi_json (1.3.7)
    rack (1.6.13)
    rack-protection (1.5.5)
      rack
    sequel (3.45.0)
    sinatra (1.4.4)
      rack (~> 1.4)
      rack-protection (~> 1.4)
      tilt (~> 1.3, >= 1.3.4)
    sinatra-jsonp (0.4.2)
      multi_json (~> 1.3.7)
      sinatra (~> 1.0)
    sqlite3 (1.3.8)
    tilt (1.4.1)

PLATFORMS
  ruby

DEPENDENCIES
  findit-support!
  ice_cube (~> 0.11.0)
  sinatra (~> 1.4.3)
  sinatra-jsonp (~> 0.4.2)
  sqlite3 (~> 1.3.8)
